GEM
  remote: https://rubygems.org/
  specs:
    cpf_utils (1.3.1)
    equatable (0.6.1)
    lerolero_generator (1.0.1)
    mini_portile2 (2.4.0)
    necromancer (0.5.1)
    nokogiri (1.10.5)
      mini_portile2 (~> 2.4.0)
    pastel (0.7.3)
      equatable (~> 0.6)
      tty-color (~> 0.5)
    strings (0.1.8)
      strings-ansi (~> 0.1)
      unicode-display_width (~> 1.5)
      unicode_utils (~> 1.4)
    strings-ansi (0.2.0)
    tty-color (0.5.0)
    tty-cursor (0.7.0)
    tty-screen (0.7.0)
    tty-spinner (0.9.1)
      tty-cursor (~> 0.7)
    tty-table (0.11.0)
      equatable (~> 0.6)
      necromancer (~> 0.5)
      pastel (~> 0.7.2)
      strings (~> 0.1.5)
      tty-screen (~> 0.7)
    unicode-display_width (1.6.0)
    unicode_utils (1.4.0)

PLATFORMS
  ruby

DEPENDENCIES
  cpf_utils
  lerolero_generator
  nokogiri
  tty-cursor
  tty-spinner
  tty-table

BUNDLED WITH
   2.0.2
