GEM
  remote: https://rubygems.org/
  specs:
    cpf_utils (1.3.1)
    lerolero_generator (1.0.1)
    mini_portile2 (2.4.0)
    nokogiri (1.10.5)
      mini_portile2 (~> 2.4.0)

PLATFORMS
  ruby

DEPENDENCIES
  cpf_utils
  lerolero_generator
  nokogiri

BUNDLED WITH
   2.0.2
